GIT
  remote: git://github.com/ko1/debugger2.git
  revision: 868f94f8b67e13f3cd3921be15168dcebf2e7019
  specs:
    debugger2 (1.0.0.beta2)
      columnize (>= 0.3.1)
      debugger-linecache (~> 1.2.0)

GEM
  remote: https://rubygems.org/
  specs:
    actionmailer (4.1.6)
      actionpack (= 4.1.6)
      actionview (= 4.1.6)
      mail (~> 2.5, >= 2.5.4)
    actionpack (4.1.6)
      actionview (= 4.1.6)
      activesupport (= 4.1.6)
      rack (~> 1.5.2)
      rack-test (~> 0.6.2)
    actionview (4.1.6)
      activesupport (= 4.1.6)
      builder (~> 3.1)
      erubis (~> 2.7.0)
    activemodel (4.1.6)
      activesupport (= 4.1.6)
      builder (~> 3.1)
    activerecord (4.1.6)
      activemodel (= 4.1.6)
      activesupport (= 4.1.6)
      arel (~> 5.0.0)
    activesupport (4.1.6)
      i18n (~> 0.6, >= 0.6.9)
      json (~> 1.7, >= 1.7.7)
      minitest (~> 5.1)
      thread_safe (~> 0.1)
      tzinfo (~> 1.1)
    addressable (2.3.6)
    arel (5.0.1.20140414130214)
    bcrypt (3.1.9)
    better_errors (2.0.0)
      coderay (>= 1.0.0)
      erubis (>= 2.6.6)
      rack (>= 0.9.0)
    binding_of_caller (0.7.2)
      debug_inspector (>= 0.0.1)
    buftok (0.2.0)
    builder (3.2.2)
    capybara (2.4.4)
      mime-types (>= 1.16)
      nokogiri (>= 1.3.3)
      rack (>= 1.0.0)
      rack-test (>= 0.5.4)
      xpath (~> 2.0)
    carrierwave (0.10.0)
      activemodel (>= 3.2.0)
      activesupport (>= 3.2.0)
      json (>= 1.7)
      mime-types (>= 1.16)
    celluloid (0.15.2)
      timers (~> 1.1.0)
    chronic (0.10.2)
    coderay (1.1.0)
    coffee-rails (4.0.1)
      coffee-script (>= 2.2.0)
      railties (>= 4.0.0, < 5.0)
    coffee-script (2.3.0)
      coffee-script-source
      execjs
    coffee-script-source (1.8.0)
    columnize (0.8.9)
    commander (4.2.1)
      highline (~> 1.6.11)
    commonjs (0.2.7)
    connection_pool (2.0.0)
    cookiejar (0.3.2)
    daemons (1.1.9)
    database_cleaner (1.3.0)
    debug_inspector (0.0.2)
    debugger-linecache (1.2.0)
    devise (3.4.1)
      bcrypt (~> 3.0)
      orm_adapter (~> 0.1)
      railties (>= 3.2.6, < 5)
      responders
      thread_safe (~> 0.1)
      warden (~> 1.2.3)
    diff-lcs (1.2.5)
    domain_name (0.5.22)
      unf (>= 0.0.5, < 1.0.0)
    em-http-request (1.1.2)
      addressable (>= 2.3.4)
      cookiejar
      em-socksify (>= 0.3)
      eventmachine (>= 1.0.3)
      http_parser.rb (>= 0.6.0)
    em-socksify (0.3.0)
      eventmachine (>= 1.0.0.beta.4)
    em-twitter (0.3.5)
      buftok (~> 0.2)
      eventmachine (~> 1.0)
      http_parser.rb (~> 0.6)
      simple_oauth (~> 0.2)
    equalizer (0.0.9)
    erubis (2.7.0)
    eventmachine (1.0.3)
    exception_notification (4.0.1)
      actionmailer (>= 3.0.4)
      activesupport (>= 3.0.4)
    execjs (2.2.2)
    factory_girl (4.5.0)
      activesupport (>= 3.0.0)
    factory_girl_rails (4.5.0)
      factory_girl (~> 4.5.0)
      railties (>= 3.0.0)
    faker (1.4.3)
      i18n (~> 0.5)
    faker-japanese (0.0.1)
    faraday (0.9.0)
      multipart-post (>= 1.2, < 3)
    figaro (0.7.0)
      bundler (~> 1.0)
      rails (>= 3, < 5)
    hashie (3.3.1)
    highline (1.6.21)
    hike (1.2.3)
    houston (2.2.1)
      commander (~> 4.1)
      json
    http (0.6.2)
      http_parser.rb (~> 0.6.0)
    http-cookie (1.0.2)
      domain_name (~> 0.5)
    http_parser.rb (0.6.0)
    i18n (0.6.11)
    i18n_generators (1.2.1)
      mechanize
      rails (>= 3.0.0)
      rails (>= 3.0.0)
      rails (>= 3.0.0)
      rails (>= 3.0.0)
      rails (>= 3.0.0)
      rails (>= 3.0.0)
      rails (>= 3.0.0)
      rails (>= 3.0.0)
      rails (>= 3.0.0)
      rails (>= 3.0.0)
      rails (>= 3.0.0)
      rails (>= 3.0.0)
      rails (>= 3.0.0)
      rails (>= 3.0.0)
      rails (>= 3.0.0)
      rails (>= 3.0.0)
      rails (>= 3.0.0)
      rails (>= 3.0.0)
      rails (>= 3.0.0)
      rails (>= 3.0.0)
      rails (>= 3.0.0)
      rails (>= 3.0.0)
      rails (>= 3.0.0)
      rails (>= 3.0.0)
      rails (>= 3.0.0)
      rails (>= 3.0.0)
      rails (>= 3.0.0)
      rails (>= 3.0.0)
      rails (>= 3.0.0)
      rails (>= 3.0.0)
      rails (>= 3.0.0)
      rails (>= 3.0.0)
      rails (>= 3.0.0)
      rails (>= 3.0.0)
      rails (>= 3.0.0)
      rails (>= 3.0.0)
      rails (>= 3.0.0)
      rails (>= 3.0.0)
      rails (>= 3.0.0)
      rails (>= 3.0.0)
      rails (>= 3.0.0)
      rails (>= 3.0.0)
      rails (>= 3.0.0)
      rails (>= 3.0.0)
      rails (>= 3.0.0)
      rails (>= 3.0.0)
      rails (>= 3.0.0)
      rails (>= 3.0.0)
      rails (>= 3.0.0)
      rails (>= 3.0.0)
      rails (>= 3.0.0)
      rails (>= 3.0.0)
      rails (>= 3.0.0)
      rails (>= 3.0.0)
      rails (>= 3.0.0)
      rails (>= 3.0.0)
      rails (>= 3.0.0)
      rails (>= 3.0.0)
      rails (>= 3.0.0)
      rails (>= 3.0.0)
      rails (>= 3.0.0)
      rails (>= 3.0.0)
      rails (>= 3.0.0)
      rails (>= 3.0.0)
      rails (>= 3.0.0)
      rails (>= 3.0.0)
      rails (>= 3.0.0)
      rails (>= 3.0.0)
      rails (>= 3.0.0)
      rails (>= 3.0.0)
      rails (>= 3.0.0)
      rails (>= 3.0.0)
      rails (>= 3.0.0)
      rails (>= 3.0.0)
      rails (>= 3.0.0)
      rails (>= 3.0.0)
      rails (>= 3.0.0)
      rails (>= 3.0.0)
      rails (>= 3.0.0)
      rails (>= 3.0.0)
      rails (>= 3.0.0)
      rails (>= 3.0.0)
      rails (>= 3.0.0)
      rails (>= 3.0.0)
      rails (>= 3.0.0)
      rails (>= 3.0.0)
      rails (>= 3.0.0)
      rails (>= 3.0.0)
      rails (>= 3.0.0)
      rails (>= 3.0.0)
      rails (>= 3.0.0)
      rails (>= 3.0.0)
      rails (>= 3.0.0)
      rails (>= 3.0.0)
      rails (>= 3.0.0)
      rails (>= 3.0.0)
      rails (>= 3.0.0)
      rails (>= 3.0.0)
      rails (>= 3.0.0)
      rails (>= 3.0.0)
      rails (>= 3.0.0)
      rails (>= 3.0.0)
      rails (>= 3.0.0)
      rails (>= 3.0.0)
      rails (>= 3.0.0)
      rails (>= 3.0.0)
    jbuilder (2.2.4)
      activesupport (>= 3.0.0, < 5)
      multi_json (~> 1.2)
    jpmobile (4.1.2)
    jquery-rails (3.1.2)
      railties (>= 3.0, < 5.0)
      thor (>= 0.14, < 2.0)
    json (1.8.1)
    kgio (2.9.2)
    less (2.5.1)
      commonjs (~> 0.2.7)
    less-rails (2.5.0)
      actionpack (>= 3.1)
      less (~> 2.5.0)
    libv8 (3.16.14.7)
    mail (2.6.1)
      mime-types (>= 1.16, < 3)
    mechanize (2.7.3)
      domain_name (~> 0.5, >= 0.5.1)
      http-cookie (~> 1.0)
      mime-types (~> 2.0)
      net-http-digest_auth (~> 1.1, >= 1.1.1)
      net-http-persistent (~> 2.5, >= 2.5.2)
      nokogiri (~> 1.4)
      ntlm-http (~> 0.1, >= 0.1.1)
      webrobots (>= 0.0.9, < 0.2)
    memoizable (0.4.2)
      thread_safe (~> 0.3, >= 0.3.1)
    mime-types (2.4.3)
    mini_portile (0.6.0)
    minitest (5.4.2)
    multi_json (1.10.1)
    multipart-post (2.0.0)
    mysql2 (0.3.16)
    naught (1.0.0)
    net-http-digest_auth (1.4)
    net-http-persistent (2.9.4)
    nokogiri (1.6.3.1)
      mini_portile (= 0.6.0)
    ntlm-http (0.1.1)
    oauth (0.4.7)
    omniauth (1.2.2)
      hashie (>= 1.2, < 4)
      rack (~> 1.0)
    omniauth-oauth (1.0.1)
      oauth
      omniauth (~> 1.0)
    omniauth-twitter (1.1.0)
      multi_json (~> 1.3)
      omniauth-oauth (~> 1.0)
    orm_adapter (0.5.0)
    rack (1.5.2)
    rack-protection (1.5.3)
      rack
    rack-test (0.6.2)
      rack (>= 1.0)
    rails (4.1.6)
      actionmailer (= 4.1.6)
      actionpack (= 4.1.6)
      actionview (= 4.1.6)
      activemodel (= 4.1.6)
      activerecord (= 4.1.6)
      activesupport (= 4.1.6)
      bundler (>= 1.3.0, < 2.0)
      railties (= 4.1.6)
      sprockets-rails (~> 2.0)
    rails_config (0.4.2)
      activesupport (>= 3.0)
    railties (4.1.6)
      actionpack (= 4.1.6)
      activesupport (= 4.1.6)
      rake (>= 0.8.7)
      thor (>= 0.18.1, < 2.0)
    raindrops (0.13.0)
    rake (10.3.2)
    rdoc (4.1.2)
      json (~> 1.4)
    redis (3.1.0)
    redis-namespace (1.5.1)
      redis (~> 3.0, >= 3.0.4)
    ref (1.0.5)
    responders (1.1.1)
      railties (>= 3.2, < 4.2)
    rmagick (2.13.4)
    rspec-collection_matchers (1.0.0)
      rspec-expectations (>= 2.99.0.beta1)
    rspec-core (3.1.7)
      rspec-support (~> 3.1.0)
    rspec-expectations (3.1.2)
      diff-lcs (>= 1.2.0, < 2.0)
      rspec-support (~> 3.1.0)
    rspec-mocks (3.1.3)
      rspec-support (~> 3.1.0)
    rspec-rails (3.1.0)
      actionpack (>= 3.0)
      activesupport (>= 3.0)
      railties (>= 3.0)
      rspec-core (~> 3.1.0)
      rspec-expectations (~> 3.1.0)
      rspec-mocks (~> 3.1.0)
      rspec-support (~> 3.1.0)
    rspec-support (3.1.2)
    ruby_rncryptor (3.0.0)
    sass (3.2.19)
    sass-rails (4.0.4)
      railties (>= 4.0.0, < 5.0)
      sass (~> 3.2.2)
      sprockets (~> 2.8, < 2.12)
      sprockets-rails (~> 2.0)
    sdoc (0.4.1)
      json (~> 1.7, >= 1.7.7)
      rdoc (~> 4.0)
    shoulda-matchers (2.7.0)
      activesupport (>= 3.0.0)
    sidekiq (3.2.6)
      celluloid (= 0.15.2)
      connection_pool (>= 2.0.0)
      json
      redis (>= 3.0.6)
      redis-namespace (>= 1.3.1)
    simple_form (3.0.2)
      actionpack (~> 4.0)
      activemodel (~> 4.0)
    simple_oauth (0.3.0)
    sinatra (1.4.5)
      rack (~> 1.4)
      rack-protection (~> 1.4)
      tilt (~> 1.3, >= 1.3.4)
    spring (1.1.3)
    sprockets (2.11.0)
      hike (~> 1.2)
      multi_json (~> 1.0)
      rack (~> 1.0)
      tilt (~> 1.1, != 1.3.0)
    sprockets-rails (2.2.0)
      actionpack (>= 3.0)
      activesupport (>= 3.0)
      sprockets (>= 2.8, < 4.0)
    therubyracer (0.12.1)
      libv8 (~> 3.16.14.0)
      ref
    thor (0.19.1)
    thread_safe (0.3.4)
    tilt (1.4.1)
    timers (1.1.0)
    turbolinks (2.5.1)
      coffee-rails
    tweetstream (2.6.1)
      daemons (~> 1.1)
      em-http-request (>= 1.1.1)
      em-twitter (~> 0.3)
      multi_json (~> 1.3)
      twitter (~> 5.5)
    twitter (5.12.0)
      addressable (~> 2.3)
      buftok (~> 0.2.0)
      equalizer (~> 0.0.9)
      faraday (~> 0.9.0)
      http (~> 0.6.0)
      http_parser.rb (~> 0.6.0)
      json (~> 1.8)
      memoizable (~> 0.4.0)
      naught (~> 1.0)
      simple_oauth (~> 0.3.0)
    twitter-bootstrap-rails (3.2.0)
      actionpack (~> 4.1)
      execjs (~> 2.2)
      rails (~> 4.1)
      railties (~> 4.1)
    tzinfo (1.2.2)
      thread_safe (~> 0.1)
    uglifier (2.5.3)
      execjs (>= 0.3.0)
      json (>= 1.8.0)
    unf (0.1.4)
      unf_ext
    unf_ext (0.0.6)
    unicorn (4.8.3)
      kgio (~> 2.6)
      rack
      raindrops (~> 0.7)
    warden (1.2.3)
      rack (>= 1.0)
    webrobots (0.1.1)
    whenever (0.9.4)
      chronic (>= 0.6.3)
    xpath (2.0.0)
      nokogiri (~> 1.3)

PLATFORMS
  ruby

DEPENDENCIES
  better_errors
  binding_of_caller
  capybara
  carrierwave
  coffee-rails (~> 4.0.0)
  database_cleaner
  debugger2!
  devise
  exception_notification
  factory_girl_rails
  faker
  faker-japanese
  figaro (<= 0.7.0)
  houston
  i18n_generators
  jbuilder (~> 2.0)
  jpmobile
  jquery-rails
  less-rails
  mysql2
  omniauth
  omniauth-twitter
  rails (= 4.1.6)
  rails_config
  rmagick
  rspec-collection_matchers
  rspec-rails
  ruby_rncryptor
  sass-rails (~> 4.0.3)
  sdoc (~> 0.4.0)
  shoulda-matchers
  sidekiq
  simple_form
  sinatra
  spring
  therubyracer
  turbolinks
  tweetstream
  twitter
  twitter-bootstrap-rails
  uglifier (>= 1.3.0)
  unicorn
  whenever
